GIT
  remote: git://github.com/ai-mastering/aimastering-ruby.git
  revision: 19ee02c926fce7118fc0923c3a88faae7a5f992a
  ref: 19ee02c926fce7118fc0923c3a88faae7a5f992a
  specs:
    aimastering (1.0.0)
      json (~> 2.1, >= 2.1.0)
      typhoeus (~> 1.0, >= 1.0.1)

GEM
  remote: https://rubygems.org/
  specs:
    ast (2.4.2)
    ethon (0.14.0)
      ffi (>= 1.15.0)
    ffi (1.15.3)
    json (2.5.1)
    parallel (1.20.1)
    parser (3.0.2.0)
      ast (~> 2.4.1)
    rainbow (3.0.0)
    regexp_parser (2.1.1)
    rexml (3.2.5)
    rubocop (1.19.0)
      parallel (~> 1.10)
      parser (>= 3.0.0.0)
      rainbow (>= 2.2.2, < 4.0)
      regexp_parser (>= 1.8, < 3.0)
      rexml
      rubocop-ast (>= 1.9.1, < 2.0)
      ruby-progressbar (~> 1.7)
      unicode-display_width (>= 1.4.0, < 3.0)
    rubocop-ast (1.10.0)
      parser (>= 3.0.1.1)
    ruby-progressbar (1.11.0)
    typhoeus (1.4.0)
      ethon (>= 0.9.0)
    unicode-display_width (2.0.0)

PLATFORMS
  ruby

DEPENDENCIES
  aimastering!
  rubocop

BUNDLED WITH
   1.17.2
